GEM
  remote: https://rubygems.org/
  specs:
    activesupport (6.1.4.1)
      concurrent-ruby (~> 1.0, >= 1.0.2)
      i18n (>= 1.6, < 2)
      minitest (>= 5.1)
      tzinfo (~> 2.0)
      zeitwerk (~> 2.3)
    addressable (2.8.0)
      public_suffix (>= 2.0.2, < 5.0)
    coderay (1.1.3)
    concurrent-ruby (1.1.9)
    down (5.2.4)
      addressable (~> 2.8)
    graphql (1.12.16)
    graphql-client (0.17.0)
      activesupport (>= 3.0)
      graphql (~> 1.10)
    i18n (1.8.10)
      concurrent-ruby (~> 1.0)
    method_source (1.0.0)
    mini_exiftool (2.10.2)
    minitest (5.14.4)
    pry (0.14.1)
      coderay (~> 1.1)
      method_source (~> 1.0)
    public_suffix (4.0.6)
    tzinfo (2.0.4)
      concurrent-ruby (~> 1.0)
    zeitwerk (2.4.2)

PLATFORMS
  x86_64-darwin-20

DEPENDENCIES
  down (~> 5.0)
  graphql-client
  mini_exiftool
  pry

RUBY VERSION
   ruby 2.7.4p191

BUNDLED WITH
   2.2.25
